GEM
  remote: http://rubygems.org/
  specs:
    backports (2.6.3)
    eventmachine (0.12.10)
    json (1.7.5)
    metaclass (0.0.1)
    mocha (0.12.3)
      metaclass (~> 0.0.1)
    rack (1.4.1)
    rack-protection (1.2.0)
      rack
    rack-test (0.6.1)
      rack (>= 1.0)
    rake (0.9.2.2)
    sinatra (1.3.3)
      rack (~> 1.3, >= 1.3.6)
      rack-protection (~> 1.2)
      tilt (~> 1.3, >= 1.3.3)
    sinatra-contrib (1.3.1)
      backports (>= 2.0)
      eventmachine
      rack-protection
      rack-test
      sinatra (~> 1.3.0)
      tilt (~> 1.3)
    tilt (1.3.3)

PLATFORMS
  ruby

DEPENDENCIES
  json
  mocha
  rake
  sinatra
  sinatra-contrib
